GIT
  remote: https://github.com/rodjek/rspec-puppet.git
  revision: 79d5373dcbfa4cd56c863f9e9ffe8f3b5e02b8a0
  specs:
    rspec-puppet (2.4.0)
      rspec

GEM
  remote: http://rubygems.org/
  specs:
    CFPropertyList (2.2.8)
    ansi (1.5.0)
    artifactory (2.3.3)
    ast (2.4.0)
    builder (3.2.2)
    diff-lcs (1.2.5)
    docile (1.1.5)
    facter (2.4.6)
      CFPropertyList (~> 2.2.6)
    facterdb (0.3.6)
      facter
      jgrep
    faraday (0.9.2)
      multipart-post (>= 1.2, < 3)
    faraday_middleware (0.12.2)
      faraday (>= 0.7.4, < 1.0)
    fast_gettext (1.1.0)
    gettext (3.2.9)
      locale (>= 2.0.5)
      text (>= 1.3.0)
    gettext-setup (0.30)
      fast_gettext (~> 1.1.0)
      gettext (>= 3.0.2)
    hiera (1.3.4)
      json_pure
    hirb (0.7.3)
    jgrep (1.4.1)
      json
    json (2.0.1)
    json_pure (2.0.1)
    kitchen-puppet (1.42.0)
      net-ssh (~> 3)
      test-kitchen (~> 1.4)
    kitchen-sync (2.1.1)
      net-sftp
      test-kitchen (>= 1.0.0)
    kitchen-vagrant (0.20.0)
      test-kitchen (~> 1.4)
    kitchen-verifier-serverspec (0.5.2)
      net-ssh (~> 3)
      test-kitchen (~> 1.4)
    librarian-puppet (3.0.0)
      librarianp (>= 0.6.3)
      puppet_forge (~> 2.1)
      rsync
    librarianp (0.6.4)
      thor (~> 0.15)
    locale (2.1.2)
    mcollective-client (2.9.0)
      json
      stomp
      systemu
    metaclass (0.0.4)
    metadata-json-lint (0.0.11)
      json
      spdx-licenses (~> 1.0)
    minitar (0.6.1)
    mixlib-install (1.1.0)
      artifactory
      mixlib-shellout
      mixlib-versioning
    mixlib-shellout (2.2.6)
    mixlib-versioning (1.1.0)
    mocha (1.1.0)
      metaclass (~> 0.0.1)
    multi_json (1.12.1)
    multipart-post (2.0.0)
    net-scp (1.2.1)
      net-ssh (>= 2.6.5)
    net-sftp (2.1.2)
      net-ssh (>= 2.6.5)
    net-ssh (3.2.0)
    net-telnet (0.1.1)
    parallel (1.12.1)
    parser (2.5.1.0)
      ast (~> 2.4.0)
    powerpack (0.1.1)
    puppet (3.8.7)
      facter (> 1.6, < 3)
      hiera (~> 1.0)
      json_pure
    puppet-lint (2.0.0)
    puppet-lint-absolute_classname-check (0.2.4)
      puppet-lint (>= 1.0, < 3.0)
    puppet-lint-classes_and_types_beginning_with_digits-check (0.1.2)
      puppet-lint (>= 1.0, < 3.0)
    puppet-lint-leading_zero-check (0.1.1)
      puppet-lint (>= 1.0, < 3.0)
    puppet-lint-resource_reference_syntax (1.0.9)
      puppet-lint (>= 1.0, < 3.0)
    puppet-lint-trailing_comma-check (0.3.2)
      puppet-lint (>= 1.0, < 3.0)
    puppet-lint-unquoted_string-check (0.3.0)
      puppet-lint (>= 1.0, < 3.0)
    puppet-lint-version_comparison-check (0.2.1)
      puppet-lint (>= 1.0, < 3.0)
    puppet-syntax (2.1.0)
      rake
    puppet_forge (2.2.9)
      faraday (~> 0.9.0, < 0.14.0)
      faraday_middleware (>= 0.9.0, < 0.13.0)
      gettext-setup (>= 0.11)
      minitar
      semantic_puppet (~> 1.0)
    puppetlabs_spec_helper (1.1.1)
      mocha
      puppet-lint
      puppet-syntax
      rake
      rspec-puppet
    rainbow (2.2.2)
    rake (11.2.2)
    rspec (3.5.0)
      rspec-core (~> 3.5.0)
      rspec-expectations (~> 3.5.0)
      rspec-mocks (~> 3.5.0)
    rspec-core (3.5.1)
      rspec-support (~> 3.5.0)
    rspec-expectations (3.5.0)
      diff-lcs (>= 1.2.0, < 2.0)
      rspec-support (~> 3.5.0)
    rspec-its (1.2.0)
      rspec-core (>= 3.0.0)
      rspec-expectations (>= 3.0.0)
    rspec-mocks (3.5.0)
      diff-lcs (>= 1.2.0, < 2.0)
      rspec-support (~> 3.5.0)
    rspec-puppet-facts (1.6.1)
      facter
      facterdb (>= 0.3.0)
      json
      mcollective-client
      puppet
    rspec-support (3.5.0)
    rspec_junit_formatter (0.2.3)
      builder (< 4)
      rspec-core (>= 2, < 4, != 2.12.0)
    rsync (1.0.9)
    rubocop (0.50.0)
      parallel (~> 1.10)
      parser (>= 2.5)
      powerpack (~> 0.1)
      rainbow (>= 2.2.2, < 4.0)
      ruby-progressbar (~> 1.7)
      unicode-display_width (~> 1.0, >= 1.0.1)
    ruby-progressbar (1.9.0)
    safe_yaml (1.0.4)
    semantic_puppet (1.0.2)
      gettext-setup (>= 0.3)
    serverspec (2.36.0)
      multi_json
      rspec (~> 3.0)
      rspec-its
      specinfra (~> 2.53)
    sfl (2.2)
    simplecov (0.12.0)
      docile (~> 1.1.0)
      json (>= 1.8, < 3)
      simplecov-html (~> 0.10.0)
    simplecov-console (0.3.1)
      ansi
      hirb
      simplecov
    simplecov-html (0.10.0)
    spdx-licenses (1.1.0)
    specinfra (2.60.0)
      net-scp
      net-ssh (>= 2.7, < 4.0)
      net-telnet
      sfl
    stomp (1.4.3)
    systemu (2.6.5)
    test-kitchen (1.10.2)
      mixlib-install (~> 1.0, >= 1.0.4)
      mixlib-shellout (>= 1.2, < 3.0)
      net-scp (~> 1.1)
      net-ssh (>= 2.9, < 4.0)
      safe_yaml (~> 1.0)
      thor (~> 0.18)
    text (1.3.1)
    thor (0.19.1)
    unicode-display_width (1.3.2)
    vagrant-wrapper (2.0.3)

PLATFORMS
  ruby

DEPENDENCIES
  bundler (<= 1.13.6)
  kitchen-puppet
  kitchen-sync
  kitchen-vagrant
  kitchen-verifier-serverspec
  librarian-puppet
  metadata-json-lint
  net-ssh
  puppet (~> 3.8)
  puppet-lint-absolute_classname-check
  puppet-lint-classes_and_types_beginning_with_digits-check
  puppet-lint-leading_zero-check
  puppet-lint-resource_reference_syntax
  puppet-lint-trailing_comma-check
  puppet-lint-unquoted_string-check
  puppet-lint-version_comparison-check
  puppetlabs_spec_helper
  rake
  rspec
  rspec-puppet!
  rspec-puppet-facts
  rspec_junit_formatter
  rubocop
  serverspec
  simplecov
  simplecov-console
  test-kitchen
  vagrant-wrapper

BUNDLED WITH
   1.13.6
